GEM
  remote: http://rubygems.org/
  specs:
    backports (2.5.1)
    bcrypt-ruby (3.0.1)
    coffee-script (2.2.0)
      coffee-script-source
      execjs
    coffee-script-source (1.3.1)
    daemons (1.1.8)
    eventmachine (0.12.10)
    execjs (1.3.0)
      multi_json (~> 1.0)
    facets (2.9.3)
    multi_json (1.2.0)
    mysql2 (0.3.11)
    rack (1.4.1)
    rack-protection (1.2.0)
      rack
    rack-test (0.6.1)
      rack (>= 1.0)
    sass (3.1.15)
    sequel (3.34.1)
    sinatra (1.3.2)
      rack (~> 1.3, >= 1.3.6)
      rack-protection (~> 1.2)
      tilt (~> 1.3, >= 1.3.3)
    sinatra-contrib (1.3.1)
      backports (>= 2.0)
      eventmachine
      rack-protection
      rack-test
      sinatra (~> 1.3.0)
      tilt (~> 1.3)
    thin (1.3.1)
      daemons (>= 1.0.9)
      eventmachine (>= 0.12.6)
      rack (>= 1.0.0)
    tilt (1.3.3)

PLATFORMS
  ruby

DEPENDENCIES
  bcrypt-ruby
  coffee-script
  facets
  mysql2
  sass
  sequel
  sinatra
  sinatra-contrib
  thin
